GEM
  remote: https://rubygems.org/
  specs:
    env (0.3.0)

PLATFORMS
  ruby

DEPENDENCIES
  env (~> 0.3.0)

BUNDLED WITH
   2.0.2
